PATH
  remote: .
  specs:
    jekyll_kentico_generator (0.1.0)
      delivery-sdk-ruby (~> 0.14)

GEM
  remote: https://rubygems.org/
  specs:
    delivery-sdk-ruby (0.14.0)
      nokogiri (~> 1.10.0, >= 1.8.4)
      rest-client (~> 2.1.0.rc1, >= 2.1.0.rc1)
    domain_name (0.5.20180417)
      unf (>= 0.0.5, < 1.0.0)
    ffi (1.10.0-x64-mingw32)
    http-accept (1.7.0)
    http-cookie (1.0.3)
      domain_name (~> 0.5)
    mime-types (3.2.2)
      mime-types-data (~> 3.2015)
    mime-types-data (3.2018.0812)
    mini_portile2 (2.4.0)
    netrc (0.11.0)
    nokogiri (1.10.1-x64-mingw32)
      mini_portile2 (~> 2.4.0)
    rake (10.5.0)
    rest-client (2.1.0.rc1-x64-mingw32)
      ffi (~> 1.9)
      http-accept (>= 1.7.0, < 2.0)
      http-cookie (>= 1.0.2, < 2.0)
      mime-types (>= 1.16, < 4.0)
      netrc (~> 0.8)
    unf (0.1.4)
      unf_ext
    unf_ext (0.0.7.5-x64-mingw32)

PLATFORMS
  x64-mingw32

DEPENDENCIES
  bundler (~> 2.0)
  jekyll_kentico_generator!
  rake (~> 10.0)

BUNDLED WITH
   2.0.0
